GEM
  remote: https://rubygems.org/
  specs:
    addressable (2.5.2)
      public_suffix (>= 2.0.2, < 4.0)
    coderay (1.1.2)
    colored (1.2)
    coveralls (0.8.22)
      json (>= 1.8, < 3)
      simplecov (~> 0.16.1)
      term-ansicolor (~> 1.3)
      thor (~> 0.19.4)
      tins (~> 1.6)
    crack (0.4.3)
      safe_yaml (~> 1.0.0)
    docile (1.3.1)
    hashdiff (0.3.7)
    inch (0.8.0)
      pry
      sparkr (>= 0.2.0)
      term-ansicolor
      yard (~> 0.9.12)
    json (2.1.0)
    method_source (0.9.2)
    optimist (3.0.0)
    power_assert (1.1.3)
    pry (0.12.2)
      coderay (~> 1.1.0)
      method_source (~> 0.9.0)
    public_suffix (3.0.3)
    rake (12.3.2)
    safe_yaml (1.0.4)
    simplecov (0.16.1)
      docile (~> 1.1)
      json (>= 1.8, < 3)
      simplecov-html (~> 0.10.0)
    simplecov-html (0.10.2)
    sparkr (0.4.1)
    term-ansicolor (1.7.0)
      tins (~> 1.0)
    test-unit (3.2.9)
      power_assert
    thor (0.19.4)
    tins (1.20.2)
    webmock (3.4.2)
      addressable (>= 2.3.6)
      crack (>= 0.3.2)
      hashdiff
    yard (0.9.16)

PLATFORMS
  ruby

DEPENDENCIES
  colored (~> 1.2)
  coveralls
  inch (~> 0.7)
  optimist (~> 3.0)
  rake
  simplecov
  test-unit
  webmock

BUNDLED WITH
   1.17.1
