GEM
  remote: https://rubygems.org/
  specs:
    coderay (1.1.1)
    colored (1.2)
    coveralls (0.8.16)
      json (>= 1.8, < 3)
      simplecov (~> 0.12.0)
      term-ansicolor (~> 1.3.0)
      thor (~> 0.19.1)
      tins (>= 1.6.0, < 2)
    docile (1.1.5)
    fakeweb (1.3.0)
    inch (0.7.1)
      pry
      sparkr (>= 0.2.0)
      term-ansicolor
      yard (~> 0.8.7.5)
    json (2.0.2)
    method_source (0.8.2)
    power_assert (0.4.1)
    pry (0.10.4)
      coderay (~> 1.1.0)
      method_source (~> 0.8.1)
      slop (~> 3.4)
    rake (11.3.0)
    simplecov (0.12.0)
      docile (~> 1.1.0)
      json (>= 1.8, < 3)
      simplecov-html (~> 0.10.0)
    simplecov-html (0.10.0)
    slop (3.6.0)
    sparkr (0.4.1)
    term-ansicolor (1.3.2)
      tins (~> 1.0)
    test-unit (3.2.3)
      power_assert
    thor (0.19.3)
    tins (1.13.0)
    trollop (2.1.2)
    yard (0.8.7.6)

PLATFORMS
  ruby

DEPENDENCIES
  colored (~> 1.2)
  coveralls
  fakeweb
  inch (~> 0.7)
  rake
  simplecov
  test-unit
  trollop (~> 2.1)

BUNDLED WITH
   1.11.2
