GEM
  remote: https://rubygems.org/
  specs:
    coderay (1.1.0)
    colored (1.2)
    coveralls (0.8.1)
      json (~> 1.8)
      rest-client (>= 1.6.8, < 2)
      simplecov (~> 0.10.0)
      term-ansicolor (~> 1.3)
      thor (~> 0.19.1)
    docile (1.1.5)
    domain_name (0.5.24)
      unf (>= 0.0.5, < 1.0.0)
    fakeweb (1.3.0)
    http-cookie (1.0.2)
      domain_name (~> 0.5)
    inch (0.4.10)
      pry
      sparkr (>= 0.2.0)
      term-ansicolor
      yard (~> 0.8.7)
    json (1.8.2)
    method_source (0.8.2)
    mime-types (2.5)
    netrc (0.10.3)
    power_assert (0.2.3)
    pry (0.10.1)
      coderay (~> 1.1.0)
      method_source (~> 0.8.1)
      slop (~> 3.4)
    rake (10.4.2)
    rest-client (1.8.0)
      http-cookie (>= 1.0.2, < 2.0)
      mime-types (>= 1.16, < 3.0)
      netrc (~> 0.7)
    simplecov (0.10.0)
      docile (~> 1.1.0)
      json (~> 1.8)
      simplecov-html (~> 0.10.0)
    simplecov-html (0.10.0)
    slop (3.6.0)
    sparkr (0.4.1)
    term-ansicolor (1.3.0)
      tins (~> 1.0)
    test-unit (3.0.9)
      power_assert
    thor (0.19.1)
    tins (1.5.1)
    trollop (2.1.2)
    unf (0.1.4)
      unf_ext
    unf_ext (0.0.7.1)
    yard (0.8.7.6)

PLATFORMS
  ruby

DEPENDENCIES
  colored (~> 1.2)
  coveralls
  fakeweb
  inch (~> 0.4.2)
  json (>= 1.8.0)
  rake
  simplecov
  test-unit
  trollop (~> 2.0)
