GEM
  remote: https://rubygems.org/
  specs:
    addressable (2.7.0)
      public_suffix (>= 2.0.2, < 5.0)
    coderay (1.1.2)
    colored (1.2)
    coveralls (0.7.2)
      multi_json (~> 1.3)
      rest-client (= 1.6.7)
      simplecov (>= 0.7)
      term-ansicolor (= 1.2.2)
      thor (= 0.18.1)
    crack (0.4.3)
      safe_yaml (~> 1.0.0)
    docile (1.3.2)
    hashdiff (1.0.1)
    inch (0.8.0)
      pry
      sparkr (>= 0.2.0)
      term-ansicolor
      yard (~> 0.9.12)
    method_source (0.9.2)
    mime-types (3.3.1)
      mime-types-data (~> 3.2015)
    mime-types-data (3.2019.1009)
    multi_json (1.14.1)
    optimist (3.0.0)
    power_assert (1.1.6)
    pry (0.12.2)
      coderay (~> 1.1.0)
      method_source (~> 0.9.0)
    public_suffix (4.0.3)
    rake (13.0.1)
    rest-client (1.6.7)
      mime-types (>= 1.16)
    safe_yaml (1.0.5)
    simplecov (0.18.5)
      docile (~> 1.1)
      simplecov-html (~> 0.11)
    simplecov-html (0.12.2)
    sparkr (0.4.1)
    term-ansicolor (1.2.2)
      tins (~> 0.8)
    test-unit (3.3.5)
      power_assert
    thor (0.18.1)
    tins (0.13.2)
    webmock (3.8.2)
      addressable (>= 2.3.6)
      crack (>= 0.3.2)
      hashdiff (>= 0.4.0, < 2.0.0)
    yard (0.9.24)

PLATFORMS
  ruby

DEPENDENCIES
  colored (~> 1.2)
  coveralls
  inch (~> 0.7)
  optimist (~> 3.0)
  rake
  simplecov
  test-unit
  webmock

BUNDLED WITH
   2.1.4
