GEM
  remote: https://rubygems.org/
  specs:
    addressable (2.7.0)
      public_suffix (>= 2.0.2, < 5.0)
    coderay (1.1.2)
    colored (1.2)
    coveralls (0.8.23)
      json (>= 1.8, < 3)
      simplecov (~> 0.16.1)
      term-ansicolor (~> 1.3)
      thor (>= 0.19.4, < 2.0)
      tins (~> 1.6)
    crack (0.4.3)
      safe_yaml (~> 1.0.0)
    docile (1.3.2)
    hashdiff (1.0.1)
    inch (0.8.0)
      pry
      sparkr (>= 0.2.0)
      term-ansicolor
      yard (~> 0.9.12)
    json (2.3.0)
    method_source (0.9.2)
    optimist (3.0.0)
    power_assert (1.1.6)
    pry (0.12.2)
      coderay (~> 1.1.0)
      method_source (~> 0.9.0)
    public_suffix (4.0.3)
    rake (13.0.1)
    safe_yaml (1.0.5)
    simplecov (0.16.1)
      docile (~> 1.1)
      json (>= 1.8, < 3)
      simplecov-html (~> 0.10.0)
    simplecov-html (0.10.2)
    sparkr (0.4.1)
    sync (0.5.0)
    term-ansicolor (1.7.1)
      tins (~> 1.0)
    test-unit (3.3.5)
      power_assert
    thor (1.0.1)
    tins (1.24.1)
      sync
    webmock (3.8.2)
      addressable (>= 2.3.6)
      crack (>= 0.3.2)
      hashdiff (>= 0.4.0, < 2.0.0)
    yard (0.9.24)

PLATFORMS
  ruby

DEPENDENCIES
  colored (~> 1.2)
  coveralls (~> 0.8)
  inch (~> 0.8)
  optimist (~> 3.0)
  rake
  simplecov
  test-unit
  webmock

BUNDLED WITH
   2.1.4
