GEM
  remote: https://rubygems.org/
  specs:
    coderay (1.1.2)
    colored (1.2)
    coveralls (0.7.2)
      multi_json (~> 1.3)
      rest-client (= 1.6.7)
      simplecov (>= 0.7)
      term-ansicolor (= 1.2.2)
      thor (= 0.18.1)
    docile (1.3.0)
    fakeweb (1.3.0)
    inch (0.8.0)
      pry
      sparkr (>= 0.2.0)
      term-ansicolor
      yard (~> 0.9.12)
    json (2.1.0)
    method_source (0.9.0)
    mime-types (3.1)
      mime-types-data (~> 3.2015)
    mime-types-data (3.2016.0521)
    multi_json (1.13.1)
    optimist (3.0.0)
    power_assert (1.1.1)
    pry (0.11.3)
      coderay (~> 1.1.0)
      method_source (~> 0.9.0)
    rake (12.3.1)
    rest-client (1.6.7)
      mime-types (>= 1.16)
    simplecov (0.16.1)
      docile (~> 1.1)
      json (>= 1.8, < 3)
      simplecov-html (~> 0.10.0)
    simplecov-html (0.10.2)
    sparkr (0.4.1)
    term-ansicolor (1.2.2)
      tins (~> 0.8)
    test-unit (3.2.7)
      power_assert
    thor (0.18.1)
    tins (0.13.2)
    yard (0.9.12)

PLATFORMS
  ruby

DEPENDENCIES
  colored (~> 1.2)
  coveralls
  fakeweb
  inch (~> 0.7)
  optimist (~> 3.0)
  rake
  simplecov
  test-unit

BUNDLED WITH
   1.17.1
